GEM
  remote: http://rubygems.org/
  specs:
    json (1.8.3)
    plist (3.1.0)
    rake (10.5.0)

PLATFORMS
  ruby

DEPENDENCIES
  json
  plist
  rake

BUNDLED WITH
   1.11.2
